GEM
  remote: https://rubygems.org/
  specs:
    bcrypt (3.1.20)
    ffi (1.17.2-x86_64-darwin)
    listen (3.9.0)
      rb-fsevent (~> 0.10, >= 0.10.3)
      rb-inotify (~> 0.9, >= 0.9.10)
    mini_portile2 (2.8.9)
    mustermann (2.0.2)
      ruby2_keywords (~> 0.0.1)
    nio4r (2.7.4)
    puma (6.6.0)
      nio4r (~> 2.0)
    rack (2.2.16)
    rack-protection (2.2.4)
      rack
    rb-fsevent (0.11.2)
    rb-inotify (0.11.1)
      ffi (~> 1.0)
    rerun (0.14.0)
      listen (~> 3.0)
    ruby2_keywords (0.0.5)
    sinatra (2.2.4)
      mustermann (~> 2.0)
      rack (~> 2.2)
      rack-protection (= 2.2.4)
      tilt (~> 2.0)
    sqlite3 (1.6.9)
      mini_portile2 (~> 2.8.0)
    tilt (2.6.0)

PLATFORMS
  x86_64-darwin

DEPENDENCIES
  bcrypt (~> 3.1.0)
  puma (~> 6.0)
  rack (~> 2.2.0)
  rerun
  sinatra (~> 2.2.0)
  sqlite3 (~> 1.6.9)

BUNDLED WITH
   2.6.2
